GIT
  remote: git@github.com:stringsn88keys/micromidi.git
  revision: 10e2a232eda4cd6037596cb5c4fc2e2ed1233363
  specs:
    micromidi (0.2.0)
      midi-eye (~> 0.3, >= 0.3.7)
      midi-fx (~> 0.4)
      midi-message (~> 0.4, >= 0.4.4)
      unimidi (~> 0.4, >= 0.4.6)

GIT
  remote: https://github.com/HuBandiT/midi-winmm.git
  revision: eff1a4689c70da0c258ab19276a7d07e2a42f7cd
  specs:
    midi-winmm (0.1.10)
      ffi (>= 1.0)

GEM
  remote: https://rubygems.org/
  specs:
    alsa-rawmidi (0.4.0)
      ffi (~> 1.15, >= 1.15.5)
    ffi (1.17.2-x64-mingw-ucrt)
    ffi-coremidi (0.5.1)
      ffi (~> 1.15, >= 1.15.5)
    midi-eye (0.3.10)
      midi-message (~> 0.4, >= 0.4.4)
      midi-nibbler (~> 0.2, >= 0.2.2)
      unimidi (~> 0.4, >= 0.4.6)
    midi-fx (0.4.2)
      midi-message (~> 0.4, >= 0.4.4)
    midi-jruby (0.2.0)
    midi-message (0.4.9)
    midi-nibbler (0.2.4)
      midi-message (~> 0.4, >= 0.4.4)
    unimidi (0.5.1)
      alsa-rawmidi (~> 0.4, >= 0.4.0)
      ffi-coremidi (~> 0.5, >= 0.5.1)
      midi-jruby (~> 0.2, >= 0.2.0)
      midi-winmm (~> 0.1, >= 0.1.10)

PLATFORMS
  x64-mingw-ucrt

DEPENDENCIES
  micromidi!
  midi-winmm!

BUNDLED WITH
   2.5.16
